PATH
  remote: .
  specs:
    huey (1.1.0)
      chronic (>= 0.9.0)
      color (>= 1.4.1)
      eventmachine (>= 1.0.0)
      httparty (>= 0.9.0)

GEM
  remote: http://rubygems.org/
  specs:
    addressable (2.3.2)
    chronic (0.9.0)
    color (1.4.1)
    color-tools (1.3.0)
    crack (0.3.1)
    eventmachine (1.0.3)
    httparty (0.10.2)
      multi_json (~> 1.0)
      multi_xml (>= 0.5.2)
    metaclass (0.0.1)
    mocha (0.13.1)
      metaclass (~> 0.0.1)
    multi_json (1.6.1)
    multi_xml (0.5.3)
    rake (0.9.5)
    timecop (0.5.9.2)
    webmock (1.9.0)
      addressable (>= 2.2.7)
      crack (>= 0.1.7)
    yard (0.8.3)

PLATFORMS
  ruby

DEPENDENCIES
  bundler
  chronic
  color-tools
  huey!
  mocha (>= 0.13.1)
  rake
  timecop
  webmock (>= 1.9.0)
  yard (>= 0.8.3)
